GEM
  remote: http://rubygems.org/
  specs:
    diff-lcs (1.1.3)
    facter (1.6.10)
    hiera (1.1.2)
      json_pure
    hiera-puppet (1.0.0)
      hiera (~> 1.0)
    json_pure (1.7.7)
    puppet (2.7.11)
      facter (>= 1.5.1)
    puppet-lint (0.1.13)
    rake (0.9.2.2)
    rspec (2.10.0)
      rspec-core (~> 2.10.0)
      rspec-expectations (~> 2.10.0)
      rspec-mocks (~> 2.10.0)
    rspec-core (2.10.1)
    rspec-expectations (2.10.0)
      diff-lcs (~> 1.1.3)
    rspec-mocks (2.10.1)
    rspec-puppet (0.1.3)
      rspec

PLATFORMS
  ruby

DEPENDENCIES
  hiera-puppet
  puppet (= 2.7.11)
  puppet-lint
  rake
  rspec-puppet
